GEM
  remote: https://rubygems.org/
  specs:
    json (2.3.0)
    mail (2.7.1)
      mini_mime (>= 0.1.1)
    mini_mime (1.0.2)
    mustermann (2.0.2)
      ruby2_keywords (~> 0.0.1)
    postmark (1.19.1)
      json
    rack (2.2.4)
    rack-protection (2.2.3)
      rack
    ruby2_keywords (0.0.5)
    sinatra (2.2.3)
      mustermann (~> 2.0)
      rack (~> 2.2)
      rack-protection (= 2.2.3)
      tilt (~> 2.0)
    tilt (2.0.11)

PLATFORMS
  ruby

DEPENDENCIES
  mail
  postmark
  sinatra

RUBY VERSION
   ruby 2.5.0p0

BUNDLED WITH
   1.16.1
