GEM
  remote: https://rubygems.org/
  specs:
    json (1.8.3)
    mail (2.6.3)
      mime-types (>= 1.16, < 3)
    mime-types (2.99.1)
    postmark (1.7.1)
      json
      rake
    rack (1.6.4)
    rack-protection (1.5.3)
      rack
    rake (11.1.0)
    sinatra (1.4.7)
      rack (~> 1.5)
      rack-protection (~> 1.4)
      tilt (>= 1.3, < 3)
    tilt (2.0.2)

PLATFORMS
  ruby

DEPENDENCIES
  mail
  postmark
  sinatra

BUNDLED WITH
   1.11.2
